GEM
  remote: https://rubygems.org/
  specs:
    addressable (2.4.0)
    autoprefixer-rails (6.2.0)
      execjs
      json
    colorator (0.1)
    concurrent-ruby (1.0.0)
    execjs (2.6.0)
    fastimage (1.8.1)
      addressable (~> 2.3, >= 2.3.5)
    ffi (1.9.10)
    jekyll (3.0.1)
      colorator (~> 0.1)
      jekyll-sass-converter (~> 1.0)
      jekyll-watch (~> 1.1)
      kramdown (~> 1.3)
      liquid (~> 3.0)
      mercenary (~> 0.3.3)
      rouge (~> 1.7)
      safe_yaml (~> 1.0)
    jekyll-assets (2.1.2)
      fastimage (~> 1.8)
      jekyll (~> 3.0)
      sprockets (~> 3.3)
      sprockets-helpers (~> 1.2)
      tilt (~> 2.0)
    jekyll-sass-converter (1.3.0)
      sass (~> 3.2)
    jekyll-sitemap (0.9.0)
    jekyll-watch (1.3.0)
      listen (~> 3.0)
    json (1.8.3)
    kramdown (1.9.0)
    liquid (3.0.6)
    listen (3.0.5)
      rb-fsevent (>= 0.9.3)
      rb-inotify (>= 0.9)
    mercenary (0.3.5)
    rack (1.6.4)
    rainbow (2.0.0)
    rb-fsevent (0.9.6)
    rb-inotify (0.9.5)
      ffi (>= 0.5.0)
    rouge (1.10.1)
    safe_yaml (1.0.4)
    sass (3.4.20)
    scss_lint (0.43.2)
      rainbow (~> 2.0)
      sass (~> 3.4.15)
    sprockets (3.5.2)
      concurrent-ruby (~> 1.0)
      rack (> 1, < 3)
    sprockets-helpers (1.2.1)
      sprockets (>= 2.2)
    tilt (2.0.1)

PLATFORMS
  ruby

DEPENDENCIES
  autoprefixer-rails
  jekyll
  jekyll-assets
  jekyll-sitemap
  sass
  scss_lint

BUNDLED WITH
   1.10.6
